GEM
  remote: https://rubygems.org/
  specs:
    coderay (1.1.3)
    ffi (1.13.1)
    listen (3.2.1)
      rb-fsevent (~> 0.10, >= 0.10.3)
      rb-inotify (~> 0.9, >= 0.9.10)
    method_source (0.9.2)
    pry (0.12.2)
      coderay (~> 1.1.0)
      method_source (~> 0.9.0)
    pry-nav (0.3.0)
      pry (>= 0.9.10, < 0.13.0)
    rb-fsevent (0.10.4)
    rb-inotify (0.10.1)
      ffi (~> 1.0)

PLATFORMS
  ruby

DEPENDENCIES
  listen (~> 3.0)
  pry
  pry-nav

BUNDLED WITH
   2.1.4
